GEM
  remote: https://rubygems.org/
  specs:
    commander (4.1.3)
      highline (~> 1.6.11)
    ffi (1.9.0)
    highline (1.6.19)
    libusb (0.3.4)
      ffi (>= 1.0)

PLATFORMS
  ruby

DEPENDENCIES
  commander
  libusb
